GEM
  remote: https://rubygems.org/
  specs:
    diff-lcs (1.5.0)
    knapsack (4.0.0)
      rake
    nio4r (2.5.8)
    puma (6.0.2)
      nio4r (~> 2.0)
    rake (13.0.6)
    rspec (3.12.0)
      rspec-core (~> 3.12.0)
      rspec-expectations (~> 3.12.0)
      rspec-mocks (~> 3.12.0)
    rspec-core (3.12.0)
      rspec-support (~> 3.12.0)
    rspec-expectations (3.12.2)
      diff-lcs (>= 1.2.0, < 2.0)
      rspec-support (~> 3.12.0)
    rspec-mocks (3.12.3)
      diff-lcs (>= 1.2.0, < 2.0)
      rspec-support (~> 3.12.0)
    rspec-support (3.12.0)

PLATFORMS
  arm64-darwin-22

DEPENDENCIES
  knapsack
  puma
  rspec

BUNDLED WITH
   2.4.5
